GEM
  remote: https://rubygems.org/
  specs:
    aws-eventstream (1.2.0)
    aws-partitions (1.607.0)
    aws-sdk-cloudwatchlogs (1.53.0)
      aws-sdk-core (~> 3, >= 3.127.0)
      aws-sigv4 (~> 1.1)
    aws-sdk-core (3.131.2)
      aws-eventstream (~> 1, >= 1.0.2)
      aws-partitions (~> 1, >= 1.525.0)
      aws-sigv4 (~> 1.1)
      jmespath (~> 1, >= 1.6.1)
    aws-sigv4 (1.5.0)
      aws-eventstream (~> 1, >= 1.0.2)
    jmespath (1.6.1)
    nokogiri (1.13.7-x86_64-darwin)
      racc (~> 1.4)
    racc (1.6.0)
    thor (1.2.1)

PLATFORMS
  x86_64-darwin-21

DEPENDENCIES
  aws-sdk-cloudwatchlogs
  nokogiri
  thor

BUNDLED WITH
   2.3.12
